GEM
  remote: https://rubygems.org/
  specs:
    backports (3.6.5)
    rack (1.1.0)
    rack-try_static (0.1.1)
      rack (= 1.1.0)
    sinatra (1.2.9)
      backports
      rack (~> 1.1, < 1.5)
      tilt (>= 1.2.2, < 2.0)
    tilt (1.4.1)

PLATFORMS
  ruby

DEPENDENCIES
  rack
  rack-try_static
  sinatra
